GEM
  remote: https://rubygems.org/
  specs:
    bitcoin-3rd-party-apis (0.3.2)
    json (1.8.0)
    rack (1.5.2)
    rack-protection (1.5.0)
      rack
    sinatra (1.4.3)
      rack (~> 1.4)
      rack-protection (~> 1.4)
      tilt (~> 1.3, >= 1.3.4)
    tilt (1.4.1)

PLATFORMS
  ruby

DEPENDENCIES
  bitcoin-3rd-party-apis
  json
  sinatra
